PATH
  remote: .
  specs:
    cubicle (0.5.4)
      activesupport (>= 3.2)
      bson (>= 1.1.1)
      bson_ext (>= 1.1.1)
      i18n
      mongoid (~> 3.1)
      moped (~> 1.4)
      mustache (>= 0.10.0)

GEM
  remote: http://rubygems.org/
  specs:
    activemodel (3.2.12)
      activesupport (= 3.2.12)
      builder (~> 3.0.0)
    activesupport (3.2.12)
      i18n (~> 0.6)
      multi_json (~> 1.0)
    bson (1.8.6)
    bson_ext (1.8.6)
      bson (~> 1.8.6)
    builder (3.0.4)
    git (1.2.5)
    i18n (0.6.4)
    jeweler (1.8.4)
      bundler (~> 1.0)
      git (>= 1.2.5)
      rake
      rdoc
    json (1.7.7)
    mongoid (3.1.3)
      activemodel (~> 3.2)
      moped (~> 1.4.2)
      origin (~> 1.0)
      tzinfo (~> 0.3.22)
    moped (1.4.5)
    multi_json (1.7.5)
    mustache (0.99.4)
    origin (1.0.11)
    rake (0.8.7)
    rdoc (4.0.1)
      json (~> 1.4)
    shoulda (2.10.3)
    tzinfo (0.3.37)

PLATFORMS
  ruby

DEPENDENCIES
  bundler (~> 1.3)
  cubicle!
  jeweler
  rake
  shoulda (= 2.10.3)
